PATH
  remote: .
  specs:
    sk-fluent-plugin-azureeventhubs (0.0.24)
      fluentd (>= 0.10.58, < 2)
      json (>= 2.1.0)
      rest-client (>= 2.0.2)

GEM
  remote: https://rubygems.org/
  specs:
    concurrent-ruby (1.1.9)
    cool.io (1.7.1)
    domain_name (0.5.20180417)
      unf (>= 0.0.5, < 1.0.0)
    fluentd (1.13.2)
      bundler
      cool.io (>= 1.4.5, < 2.0.0)
      http_parser.rb (>= 0.5.1, < 0.8.0)
      msgpack (>= 1.3.1, < 2.0.0)
      serverengine (>= 2.2.2, < 3.0.0)
      sigdump (~> 0.2.2)
      strptime (>= 0.2.2, < 1.0.0)
      tzinfo (>= 1.0, < 3.0)
      tzinfo-data (~> 1.0)
      webrick (>= 1.4.2, < 1.8.0)
      yajl-ruby (~> 1.0)
    http-cookie (1.0.3)
      domain_name (~> 0.5)
    http_parser.rb (0.7.0)
    json (2.1.0)
    mime-types (3.2.2)
      mime-types-data (~> 3.2015)
    mime-types-data (3.2018.0812)
    msgpack (1.4.2)
    netrc (0.11.0)
    rake (12.3.2)
    rest-client (2.0.2)
      http-cookie (>= 1.0.2, < 2.0)
      mime-types (>= 1.16, < 4.0)
      netrc (~> 0.8)
    serverengine (2.2.4)
      sigdump (~> 0.2.2)
    sigdump (0.2.4)
    strptime (0.2.5)
    tzinfo (2.0.4)
      concurrent-ruby (~> 1.0)
    tzinfo-data (1.2021.1)
      tzinfo (>= 1.0.0)
    unf (0.1.4)
      unf_ext
    unf_ext (0.0.7.5)
    webrick (1.7.0)
    yajl-ruby (1.4.1)

PLATFORMS
  ruby

DEPENDENCIES
  bundler (~> 1.7)
  rake (~> 12.3)
  sk-fluent-plugin-azureeventhubs!

BUNDLED WITH
   1.17.1
